GEM
  remote: https://rubygems.org/
  specs:
    json (1.8.3)
    trollop (2.1.2)
    zk (1.9.6)
      zookeeper (~> 1.4.0)
    zookeeper (1.4.11)

PLATFORMS
  ruby

DEPENDENCIES
  json
  trollop
  zk
  zookeeper

BUNDLED WITH
   1.11.2
